GEM
  remote: https://rubygems.org/
  specs:
    addressable (2.7.0)
      public_suffix (>= 2.0.2, < 5.0)
    ast (2.4.0)
    http-2 (0.10.1)
    httpx (0.5.1)
      http-2 (>= 0.9.0)
      timers
    jaro_winkler (1.5.3)
    oj (3.9.2)
    parallel (1.18.0)
    parser (2.6.5.0)
      ast (~> 2.4.0)
    public_suffix (3.0.3)
    rainbow (3.0.0)
    rubocop (0.75.1)
      jaro_winkler (~> 1.5.1)
      parallel (~> 1.10)
      parser (>= 2.6)
      rainbow (>= 2.2.2, < 4.0)
      ruby-progressbar (~> 1.7)
      unicode-display_width (>= 1.4.0, < 1.7)
    rubocop-performance (1.5.0)
      rubocop (>= 0.71.0)
    ruby-progressbar (1.10.1)
    rubyzip (2.0.0)
    sqlite3 (1.4.1)
    timers (4.3.0)
    twingly-url (6.0.2)
      addressable (~> 2.6)
      public_suffix (~> 3.0.1)
    unicode-display_width (1.6.0)

PLATFORMS
  ruby

DEPENDENCIES
  httpx
  oj
  rubocop
  rubocop-performance
  rubyzip
  sqlite3 (~> 1.4)
  twingly-url

RUBY VERSION
   ruby 2.6.5p114

BUNDLED WITH
   1.17.3
